GEM
  remote: https://rubygems.org/
  specs:
    actioncable (6.0.4.4)
      actionpack (= 6.0.4.4)
      nio4r (~> 2.0)
      websocket-driver (>= 0.6.1)
    actionmailbox (6.0.4.4)
      actionpack (= 6.0.4.4)
      activejob (= 6.0.4.4)
      activerecord (= 6.0.4.4)
      activestorage (= 6.0.4.4)
      activesupport (= 6.0.4.4)
      mail (>= 2.7.1)
    actionmailer (6.0.4.4)
      actionpack (= 6.0.4.4)
      actionview (= 6.0.4.4)
      activejob (= 6.0.4.4)
      mail (~> 2.5, >= 2.5.4)
      rails-dom-testing (~> 2.0)
    actionpack (6.0.4.4)
      actionview (= 6.0.4.4)
      activesupport (= 6.0.4.4)
      rack (~> 2.0, >= 2.0.8)
      rack-test (>= 0.6.3)
      rails-dom-testing (~> 2.0)
      rails-html-sanitizer (~> 1.0, >= 1.2.0)
    actiontext (6.0.4.4)
      actionpack (= 6.0.4.4)
      activerecord (= 6.0.4.4)
      activestorage (= 6.0.4.4)
      activesupport (= 6.0.4.4)
      nokogiri (>= 1.8.5)
    actionview (6.0.4.4)
      activesupport (= 6.0.4.4)
      builder (~> 3.1)
      erubi (~> 1.4)
      rails-dom-testing (~> 2.0)
      rails-html-sanitizer (~> 1.1, >= 1.2.0)
    activejob (6.0.4.4)
      activesupport (= 6.0.4.4)
      globalid (>= 0.3.6)
    activemodel (6.0.4.4)
      activesupport (= 6.0.4.4)
    activerecord (6.0.4.4)
      activemodel (= 6.0.4.4)
      activesupport (= 6.0.4.4)
    activestorage (6.0.4.4)
      actionpack (= 6.0.4.4)
      activejob (= 6.0.4.4)
      activerecord (= 6.0.4.4)
      marcel (~> 1.0.0)
    activesupport (6.0.4.4)
      concurrent-ruby (~> 1.0, >= 1.0.2)
      i18n (>= 0.7, < 2)
      minitest (~> 5.1)
      tzinfo (~> 1.1)
      zeitwerk (~> 2.2, >= 2.2.2)
    amoeba (3.2.0)
      activerecord (>= 4.2.0)
    bcrypt (3.1.16)
    bindex (0.8.1)
    bootsnap (1.9.3)
      msgpack (~> 1.0)
    builder (3.2.4)
    cancancan (3.3.0)
    climate_control (0.2.0)
    concurrent-ruby (1.1.9)
    crass (1.0.6)
    devise (4.8.1)
      bcrypt (~> 3.0)
      orm_adapter (~> 0.1)
      railties (>= 4.1.0)
      responders
      warden (~> 1.2.3)
    devise-encryptable (0.2.0)
      devise (>= 2.1.0)
    enumerize (2.5.0)
      activesupport (>= 3.2)
    erubi (1.10.0)
    execjs (2.8.1)
    faraday (1.9.3)
      faraday-em_http (~> 1.0)
      faraday-em_synchrony (~> 1.0)
      faraday-excon (~> 1.1)
      faraday-httpclient (~> 1.0)
      faraday-multipart (~> 1.0)
      faraday-net_http (~> 1.0)
      faraday-net_http_persistent (~> 1.0)
      faraday-patron (~> 1.0)
      faraday-rack (~> 1.0)
      faraday-retry (~> 1.0)
      ruby2_keywords (>= 0.0.4)
    faraday-em_http (1.0.0)
    faraday-em_synchrony (1.0.0)
    faraday-excon (1.1.0)
    faraday-httpclient (1.0.1)
    faraday-multipart (1.0.3)
      multipart-post (>= 1.2, < 3)
    faraday-net_http (1.0.1)
    faraday-net_http_persistent (1.2.0)
    faraday-patron (1.0.0)
    faraday-rack (1.0.0)
    faraday-retry (1.0.3)
    faraday_middleware (1.2.0)
      faraday (~> 1.0)
    ffi (1.15.4)
    gli (2.20.1)
    globalid (1.0.0)
      activesupport (>= 5.0)
    gmail_xoauth (0.4.2)
      oauth (>= 0.3.6)
    hashie (5.0.0)
    i18n (1.8.11)
      concurrent-ruby (~> 1.0)
    icalendar (2.7.1)
      ice_cube (~> 0.16)
    ice_cube (0.16.4)
    innertube (1.1.0)
    joiner (0.5.0)
      activerecord (>= 6.0.0.rc2)
    jquery-rails (4.3.1)
      rails-dom-testing (>= 1, < 3)
      railties (>= 4.2.0)
      thor (>= 0.14, < 2.0)
    jquery-ui-rails (6.0.1)
      railties (>= 3.2.16)
    json (1.8.6)
    jwt (2.3.0)
    loofah (2.13.0)
      crass (~> 1.0.2)
      nokogiri (>= 1.5.9)
    mail (2.7.1)
      mini_mime (>= 0.1.1)
    marcel (1.0.2)
    method_source (1.0.0)
    middleware (0.1.0)
    mime-types (3.4.1)
      mime-types-data (~> 3.2015)
    mime-types-data (3.2022.0105)
    mimemagic (0.3.10)
      nokogiri (~> 1)
      rake
    mini_mime (1.1.2)
    mini_portile2 (2.6.1)
    minitest (5.15.0)
    msgpack (1.4.2)
    multi_json (1.15.0)
    multi_xml (0.6.0)
    multipart-post (2.1.1)
    mysql2 (0.5.3)
    nio4r (2.5.8)
    nokogiri (1.12.5)
      mini_portile2 (~> 2.6.1)
      racc (~> 1.4)
    oauth (0.5.8)
    oauth2 (1.4.7)
      faraday (>= 0.8, < 2.0)
      jwt (>= 1.0, < 3.0)
      multi_json (~> 1.3)
      multi_xml (~> 0.5)
      rack (>= 1.2, < 3)
    omniauth (2.0.4)
      hashie (>= 3.4.6)
      rack (>= 1.6.2, < 3)
      rack-protection
    omniauth-rails_csrf_protection (1.0.0)
      actionpack (>= 4.2)
      omniauth (~> 2.0)
    omniauth-shibboleth (1.3.0)
      omniauth (>= 1.0.0)
    orm_adapter (0.5.0)
    paperclip (5.3.0)
      activemodel (>= 4.2.0)
      activesupport (>= 4.2.0)
      mime-types
      mimemagic (~> 0.3.0)
      terrapin (~> 0.6.0)
    puma (5.5.2)
      nio4r (~> 2.0)
    racc (1.6.0)
    rack (2.2.3)
    rack-protection (2.1.0)
      rack
    rack-proxy (0.7.2)
      rack
    rack-test (1.1.0)
      rack (>= 1.0, < 3)
    rails (6.0.4.4)
      actioncable (= 6.0.4.4)
      actionmailbox (= 6.0.4.4)
      actionmailer (= 6.0.4.4)
      actionpack (= 6.0.4.4)
      actiontext (= 6.0.4.4)
      actionview (= 6.0.4.4)
      activejob (= 6.0.4.4)
      activemodel (= 6.0.4.4)
      activerecord (= 6.0.4.4)
      activestorage (= 6.0.4.4)
      activesupport (= 6.0.4.4)
      bundler (>= 1.3.0)
      railties (= 6.0.4.4)
      sprockets-rails (>= 2.0.0)
    rails-dom-testing (2.0.3)
      activesupport (>= 4.2.0)
      nokogiri (>= 1.6)
    rails-html-sanitizer (1.4.2)
      loofah (~> 2.3)
    rails_autolink (1.1.6)
      rails (> 3.1)
    railties (6.0.4.4)
      actionpack (= 6.0.4.4)
      activesupport (= 6.0.4.4)
      method_source
      rake (>= 0.8.7)
      thor (>= 0.20.3, < 2.0)
    rake (13.0.6)
    rb-fsevent (0.11.0)
    rb-inotify (0.10.1)
      ffi (~> 1.0)
    rdoc (4.3.0)
    responders (3.0.1)
      actionpack (>= 5.0)
      railties (>= 5.0)
    riddle (2.4.3)
    ruby2_keywords (0.0.5)
    sanitize (6.0.0)
      crass (~> 1.0.2)
      nokogiri (>= 1.12.0)
    sass (3.7.4)
      sass-listen (~> 4.0.0)
    sass-listen (4.0.0)
      rb-fsevent (~> 0.9, >= 0.9.4)
      rb-inotify (~> 0.9, >= 0.9.7)
    sass-rails (5.0.8)
      railties (>= 5.2.0)
      sass (~> 3.1)
      sprockets (>= 2.8, < 4.0)
      sprockets-rails (>= 2.0, < 4.0)
      tilt (>= 1.1, < 3)
    sd_notify (0.1.1)
    sdoc (0.4.2)
      json (~> 1.7, >= 1.7.7)
      rdoc (~> 4.0)
    semantic_range (3.0.0)
    slack-ruby-client (1.0.0)
      faraday (>= 1.0)
      faraday_middleware
      gli
      hashie
      websocket-driver
    sprockets (3.7.2)
      concurrent-ruby (~> 1.0)
      rack (> 1, < 3)
    sprockets-rails (3.4.2)
      actionpack (>= 5.2)
      activesupport (>= 5.2)
      sprockets (>= 3.0.0)
    terrapin (0.6.0)
      climate_control (>= 0.0.3, < 1.0)
    thinking-sphinx (4.4.1)
      activerecord (>= 3.1.0)
      builder (>= 2.1.2)
      innertube (>= 1.0.2)
      joiner (>= 0.2.0)
      middleware (>= 0.1.0)
      riddle (~> 2.3)
    thor (1.2.1)
    thread_safe (0.3.6)
    tilt (2.0.10)
    tzinfo (1.2.9)
      thread_safe (~> 0.1)
    uglifier (4.2.0)
      execjs (>= 0.3.0, < 3)
    warden (1.2.9)
      rack (>= 2.0.9)
    web-console (4.2.0)
      actionview (>= 6.0.0)
      activemodel (>= 6.0.0)
      bindex (>= 0.4.0)
      railties (>= 6.0.0)
    webpacker (5.4.3)
      activesupport (>= 5.2)
      rack-proxy (>= 0.6.1)
      railties (>= 5.2)
      semantic_range (>= 2.3.0)
    websocket-driver (0.7.5)
      websocket-extensions (>= 0.1.0)
    websocket-extensions (0.1.5)
    wicked_pdf (2.1.0)
      activesupport
    will_paginate (3.3.1)
    wkhtmltopdf-binary (0.12.6.5)
    zeitwerk (2.5.3)

PLATFORMS
  ruby

DEPENDENCIES
  amoeba
  bootsnap
  cancancan
  devise
  devise-encryptable
  enumerize
  gmail_xoauth
  icalendar
  jquery-rails
  jquery-ui-rails
  mail
  mysql2 (~> 0.5.3)
  oauth2
  omniauth
  omniauth-rails_csrf_protection
  omniauth-shibboleth
  paperclip (~> 5.2)
  puma
  rails (~> 6.0.4.4)
  rails_autolink
  responders
  sanitize
  sass-rails (~> 5.0.8)
  sd_notify
  sdoc
  slack-ruby-client
  thinking-sphinx (~> 4.4.1)
  uglifier (>= 3.0.0)
  web-console
  webpacker (~> 5.4)
  wicked_pdf
  will_paginate
  wkhtmltopdf-binary

RUBY VERSION
   ruby 2.5.8p224

BUNDLED WITH
   2.3.4
